GIT
  remote: https://github.com/probablycorey/mini_magick.git
  revision: 8b7b7e031b515d49864f77220bb06b411652119d
  specs:
    mini_magick (3.4)
      subexec (~> 0.2.1)

GEM
  remote: http://rubygems.org/
  specs:
    subexec (0.2.1)

PLATFORMS
  ruby

DEPENDENCIES
  mini_magick!
